GIT
  remote: git://github.com/sporkrb/spork-rails.git
  revision: 0dd45e59d3237b4c8f9efc215b46d9c07072a95e
  specs:
    spork-rails (4.0.0)
      rails (>= 3.0.0, < 5)
      spork (>= 1.0rc0)

GEM
  remote: https://rubygems.org/
  specs:
    actionmailer (3.2.14)
      actionpack (= 3.2.14)
      mail (~> 2.5.4)
    actionpack (3.2.14)
      activemodel (= 3.2.14)
      activesupport (= 3.2.14)
      builder (~> 3.0.0)
      erubis (~> 2.7.0)
      journey (~> 1.0.4)
      rack (~> 1.4.5)
      rack-cache (~> 1.2)
      rack-test (~> 0.6.1)
      sprockets (~> 2.2.1)
    active_model_serializers (0.8.1)
      activemodel (>= 3.0)
    activemodel (3.2.14)
      activesupport (= 3.2.14)
      builder (~> 3.0.0)
    activerecord (3.2.14)
      activemodel (= 3.2.14)
      activesupport (= 3.2.14)
      arel (~> 3.0.2)
      tzinfo (~> 0.3.29)
    activeresource (3.2.14)
      activemodel (= 3.2.14)
      activesupport (= 3.2.14)
    activesupport (3.2.14)
      i18n (~> 0.6, >= 0.6.4)
      multi_json (~> 1.0)
    addressable (2.3.6)
    annotate (2.6.5)
      activerecord (>= 2.3.0)
      rake (>= 0.8.7)
    arel (3.0.3)
    awesome_print (1.2.0)
    barber (0.4.2)
      ember-source
      execjs
      handlebars-source
    barber-emblem (0.1.1)
      barber (>= 0.4.1)
      emblem-source
    better_errors (1.1.0)
      coderay (>= 1.0.0)
      erubis (>= 2.6.6)
    binding_of_caller (0.7.2)
      debug_inspector (>= 0.0.1)
    builder (3.0.4)
    callsite (0.0.11)
    capybara (2.4.1)
      mime-types (>= 1.16)
      nokogiri (>= 1.3.3)
      rack (>= 1.0.0)
      rack-test (>= 0.5.4)
      xpath (~> 2.0)
    celluloid (0.15.2)
      timers (~> 1.1.0)
    childprocess (0.5.3)
      ffi (~> 1.0, >= 1.0.11)
    choice (0.1.6)
    coderay (1.1.0)
    coffee-rails (3.2.2)
      coffee-script (>= 2.2.0)
      railties (~> 3.2.0)
    coffee-script (2.3.0)
      coffee-script-source
      execjs
    coffee-script-source (1.7.1)
    coveralls (0.7.0)
      multi_json (~> 1.3)
      rest-client
      simplecov (>= 0.7)
      term-ansicolor
      thor
    daemons (1.1.9)
    database_cleaner (1.3.0)
    debug_inspector (0.0.2)
    descendants_tracker (0.0.4)
      thread_safe (~> 0.3, >= 0.3.1)
    diff-lcs (1.2.5)
    docile (1.1.5)
    ember-data-source (1.0.0.beta.8)
      ember-source
    ember-rails (0.15.0)
      active_model_serializers
      barber (>= 0.4.1)
      ember-data-source (>= 1.0.0.beta.5)
      ember-source (>= 1.1.0)
      execjs (>= 1.2)
      handlebars-source (> 1.0.0)
      jquery-rails (>= 1.0.17)
      railties (>= 3.1)
    ember-source (1.6.1)
      handlebars-source (~> 1.0)
    emblem-rails (0.2.1)
      barber-emblem (~> 0.1.1)
      ember-rails (>= 0.14.0)
    emblem-source (0.3.17)
    erubis (2.7.0)
    eventmachine (1.0.3)
    execjs (2.2.1)
    factory_girl (4.4.0)
      activesupport (>= 3.0.0)
    factory_girl_rails (4.4.1)
      factory_girl (~> 4.4.0)
      railties (>= 3.0.0)
    faker (1.4.2)
      i18n (~> 0.5)
    faraday (0.9.0)
      multipart-post (>= 1.2, < 3)
    ffi (1.9.3)
    formatador (0.2.5)
    geocoder (1.2.4)
    github_api (0.12.0)
      addressable (~> 2.3)
      descendants_tracker (~> 0.0.4)
      faraday (~> 0.8, < 0.10)
      hashie (>= 3.2)
      multi_json (>= 1.7.5, < 2.0)
      nokogiri (~> 1.6.3)
      oauth2
    guard (2.6.1)
      formatador (>= 0.2.4)
      listen (~> 2.7)
      lumberjack (~> 1.0)
      pry (>= 0.9.12)
      thor (>= 0.18.1)
    guard-rspec (4.3.1)
      guard (~> 2.1)
      rspec (>= 2.14, < 4.0)
    guard-spork (1.5.1)
      childprocess (>= 0.2.3)
      guard (>= 1.1)
      spork (>= 0.8.4)
    haml (4.0.5)
      tilt
    haml-rails (0.4)
      actionpack (>= 3.1, < 4.1)
      activesupport (>= 3.1, < 4.1)
      haml (>= 3.1, < 4.1)
      railties (>= 3.1, < 4.1)
    hamlbars (2.1.1)
      execjs (>= 1.2)
      haml
      sprockets (>= 2.0)
      tilt
    handlebars-source (1.3.0)
    handlebars_assets (0.17.1)
      execjs (>= 1.2.9)
      multi_json
      sprockets (>= 2.0.3)
      tilt
    hashie (3.2.0)
    hike (1.2.3)
    i18n (0.6.11)
    jasmine (2.0.2)
      jasmine-core (~> 2.0.0)
      phantomjs
      rack (>= 1.2.1)
      rake
    jasmine-core (2.0.1)
    journey (1.0.4)
    jquery-rails (3.1.1)
      railties (>= 3.0, < 5.0)
      thor (>= 0.14, < 2.0)
    json (1.8.1)
    jwt (1.0.0)
    launchy (2.4.2)
      addressable (~> 2.3)
    listen (2.7.9)
      celluloid (>= 0.15.2)
      rb-fsevent (>= 0.9.3)
      rb-inotify (>= 0.9)
    lumberjack (1.0.9)
    mail (2.5.4)
      mime-types (~> 1.16)
      treetop (~> 1.4.8)
    meta_request (0.3.4)
      callsite (~> 0.0, >= 0.0.11)
      rack-contrib (~> 1.1)
      railties (>= 3.0.0, < 5.0.0)
    method_source (0.8.2)
    mime-types (1.25.1)
    mini_portile (0.6.0)
    multi_json (1.10.1)
    multi_xml (0.5.5)
    multipart-post (2.0.0)
    netrc (0.7.7)
    nokogiri (1.6.3.1)
      mini_portile (= 0.6.0)
    oauth2 (1.0.0)
      faraday (>= 0.8, < 0.10)
      jwt (~> 1.0)
      multi_json (~> 1.3)
      multi_xml (~> 0.5)
      rack (~> 1.2)
    octokit (3.3.0)
      sawyer (~> 0.5.3)
    omniauth (1.2.2)
      hashie (>= 1.2, < 4)
      rack (~> 1.0)
    omniauth-github (1.1.2)
      omniauth (~> 1.0)
      omniauth-oauth2 (~> 1.1)
    omniauth-oauth2 (1.2.0)
      faraday (>= 0.8, < 0.10)
      multi_json (~> 1.3)
      oauth2 (~> 1.0)
      omniauth (~> 1.2)
    pg (0.17.1)
    phantomjs (1.9.7.1)
    polyglot (0.3.5)
    pry (0.10.0)
      coderay (~> 1.1.0)
      method_source (~> 0.8.1)
      slop (~> 3.4)
    pry-rails (0.3.2)
      pry (>= 0.9.10)
    quiet_assets (1.0.3)
      railties (>= 3.1, < 5.0)
    rack (1.4.5)
    rack-cache (1.2)
      rack (>= 0.4)
    rack-contrib (1.1.0)
      rack (>= 0.9.1)
    rack-ssl (1.3.4)
      rack
    rack-test (0.6.2)
      rack (>= 1.0)
    rails (3.2.14)
      actionmailer (= 3.2.14)
      actionpack (= 3.2.14)
      activerecord (= 3.2.14)
      activeresource (= 3.2.14)
      activesupport (= 3.2.14)
      bundler (~> 1.0)
      railties (= 3.2.14)
    rails-erd (1.1.0)
      activerecord (>= 3.0)
      activesupport (>= 3.0)
      choice (~> 0.1.6)
      ruby-graphviz (~> 1.0.4)
    railties (3.2.14)
      actionpack (= 3.2.14)
      activesupport (= 3.2.14)
      rack-ssl (~> 1.3.2)
      rake (>= 0.8.7)
      rdoc (~> 3.4)
      thor (>= 0.14.6, < 2.0)
    rake (10.3.2)
    rb-fsevent (0.9.4)
    rb-inotify (0.9.5)
      ffi (>= 0.5.0)
    rdoc (3.12.2)
      json (~> 1.4)
    rest-client (1.7.2)
      mime-types (>= 1.16, < 3.0)
      netrc (~> 0.7)
    rspec (3.0.0)
      rspec-core (~> 3.0.0)
      rspec-expectations (~> 3.0.0)
      rspec-mocks (~> 3.0.0)
    rspec-core (3.0.4)
      rspec-support (~> 3.0.0)
    rspec-expectations (3.0.4)
      diff-lcs (>= 1.2.0, < 2.0)
      rspec-support (~> 3.0.0)
    rspec-mocks (3.0.4)
      rspec-support (~> 3.0.0)
    rspec-rails (3.0.2)
      actionpack (>= 3.0)
      activesupport (>= 3.0)
      railties (>= 3.0)
      rspec-core (~> 3.0.0)
      rspec-expectations (~> 3.0.0)
      rspec-mocks (~> 3.0.0)
      rspec-support (~> 3.0.0)
    rspec-support (3.0.4)
    ruby-graphviz (1.0.9)
    rubyzip (1.1.6)
    sass (3.3.14)
    sass-rails (3.2.6)
      railties (~> 3.2.0)
      sass (>= 3.1.10)
      tilt (~> 1.3)
    sawyer (0.5.4)
      addressable (~> 2.3.5)
      faraday (~> 0.8, < 0.10)
    selenium-webdriver (2.42.0)
      childprocess (>= 0.5.0)
      multi_json (~> 1.0)
      rubyzip (~> 1.0)
      websocket (~> 1.0.4)
    shoulda-matchers (2.6.2)
      activesupport (>= 3.0.0)
    simplecov (0.9.0)
      docile (~> 1.1.0)
      multi_json
      simplecov-html (~> 0.8.0)
    simplecov-html (0.8.0)
    slop (3.6.0)
    spork (1.0.0rc4)
    sprockets (2.2.2)
      hike (~> 1.2)
      multi_json (~> 1.0)
      rack (~> 1.0)
      tilt (~> 1.1, != 1.3.0)
    term-ansicolor (1.3.0)
      tins (~> 1.0)
    terminal-notifier-guard (1.5.3)
    thin (1.6.2)
      daemons (>= 1.0.9)
      eventmachine (>= 1.0.0)
      rack (>= 1.0.0)
    thor (0.19.1)
    thread_safe (0.3.4)
    tilt (1.4.1)
    timers (1.1.0)
    tins (1.3.1)
    treetop (1.4.15)
      polyglot
      polyglot (>= 0.3.1)
    tzinfo (0.3.41)
    uglifier (2.5.3)
      execjs (>= 0.3.0)
      json (>= 1.8.0)
    websocket (1.0.7)
    xpath (2.0.0)
      nokogiri (~> 1.3)

PLATFORMS
  ruby

DEPENDENCIES
  annotate
  awesome_print (~> 1.2.0)
  better_errors
  binding_of_caller
  capybara (~> 2.4.1)
  coffee-rails (~> 3.2.1)
  coveralls
  database_cleaner (~> 1.3.0)
  emblem-rails (~> 0.2.1)
  factory_girl_rails (~> 4.4.1)
  faker (~> 1.4.2)
  geocoder
  github_api
  guard-rspec (~> 4.3.1)
  guard-spork (~> 1.5.1)
  haml-rails
  hamlbars (~> 2.1.1)
  handlebars_assets
  jasmine
  jquery-rails
  launchy (~> 2.4.2)
  meta_request
  octokit (~> 3.3.0)
  omniauth
  omniauth-github
  pg
  pry-rails
  quiet_assets
  rails (= 3.2.14)
  rails-erd
  rb-fsevent (~> 0.9.4)
  rspec-rails (~> 3.0.2)
  sass-rails (~> 3.2.3)
  selenium-webdriver (~> 2.42.0)
  shoulda-matchers (~> 2.6.2)
  simplecov
  spork-rails!
  terminal-notifier-guard
  thin
  uglifier (>= 1.3.0)
